PATH
  remote: .
  specs:
    slimmer (0.9.0.beta)
      nokogiri

GEM
  remote: http://rubygems.org/
  specs:
    mocha (0.9.12)
    nokogiri (1.5.0)
    rack (1.3.5)
    rack-test (0.6.1)
      rack (>= 1.0)
    rake (0.9.2.2)

PLATFORMS
  ruby

DEPENDENCIES
  mocha
  rack-test
  rake (~> 0.9.0)
  slimmer!
