PATH
  remote: .
  specs:
    slimmer (0.7.10)
      nokogiri (~> 1.4.0)

GEM
  remote: http://rubygems.org/
  specs:
    mocha (0.9.12)
    nokogiri (1.4.4)

PLATFORMS
  ruby

DEPENDENCIES
  mocha
  slimmer!
